PATH
  remote: .
  specs:
    rack-utf8-env (1.0.0)
      rack (>= 1.0)

GEM
  remote: https://rubygems.org/
  specs:
    minitest (5.14.2)
    rack (2.2.4)
    rake (13.0.1)

PLATFORMS
  ruby

DEPENDENCIES
  minitest
  rack-utf8-env!
  rake

BUNDLED WITH
   2.1.4
